GEM
  remote: http://rubygems.org/
  specs:
    pg (0.14.1-x86-mingw32)
    rack (1.5.2)
    rack-protection (1.4.0)
      rack
    rake (10.0.3)
    sequel (3.45.0)
    sinatra (1.3.5)
      rack (~> 1.4)
      rack-protection (~> 1.3)
      tilt (~> 1.3, >= 1.3.3)
    sqlite3 (1.3.7-x86-mingw32)
    sqlite3-ruby (1.3.3)
      sqlite3 (>= 1.3.3)
    tilt (1.3.5)

PLATFORMS
  x86-mingw32

DEPENDENCIES
  pg
  rake
  sequel
  sinatra
  sqlite3-ruby
